GEM
  remote: http://rubygems.org/
  specs:
    buckshot (0.2.0)
      shotgun
      thin
    daemons (1.1.8)
    eventmachine (0.12.10)
    haml (3.1.2)
    hashie (1.2.0)
    kgio (2.7.4)
    omniauth (1.1.0)
      hashie (~> 1.2)
      rack
    omniauth-openid (1.0.1)
      omniauth (~> 1.0)
      rack-openid (~> 1.3.1)
    pg (0.13.2)
    rack (1.4.1)
    rack-openid (1.3.1)
      rack (>= 1.1.0)
      ruby-openid (>= 2.1.8)
    rack-protection (1.2.0)
      rack
    raindrops (0.8.0)
    ruby-openid (2.1.8)
    sequel (3.34.1)
    shotgun (0.9)
      rack (>= 1.0)
    sinatra (1.3.2)
      rack (~> 1.3, >= 1.3.6)
      rack-protection (~> 1.2)
      tilt (~> 1.3, >= 1.3.3)
    sinatra-google-auth (0.0.5)
      omniauth-openid
    thin (1.3.1)
      daemons (>= 1.0.9)
      eventmachine (>= 0.12.6)
      rack (>= 1.0.0)
    tilt (1.3.3)
    unicorn (4.2.1)
      kgio (~> 2.6)
      rack
      raindrops (~> 0.7)

PLATFORMS
  ruby

DEPENDENCIES
  buckshot
  haml
  pg
  sequel
  sinatra
  sinatra-google-auth
  unicorn
